GEM
  remote: http://rubygems.org/
  specs:
    chunky_png (1.2.5)
    compass (0.12.1)
      chunky_png (~> 1.2)
      fssm (>= 0.2.7)
      sass (~> 3.1)
    compass-colors (0.9.0)
      compass (>= 0.8.7)
    fssm (0.2.8.1)
    httpclient (2.2.4)
    json (1.6.6)
    rake (0.9.2)
    sass (3.1.12)
    smusher (0.4.9)
      httpclient (>= 2.2)
      json
      rake

PLATFORMS
  ruby

DEPENDENCIES
  compass
  compass-colors
  smusher
